GEM
  remote: https://rubygems.org/
  specs:
    awesome_print (1.9.2)
    concurrent-ruby (1.2.3)
    debug (1.9.2)
      irb (~> 1.10)
      reline (>= 0.3.8)
    faker (3.3.1)
      i18n (>= 1.8.11, < 2)
    i18n (1.14.4)
      concurrent-ruby (~> 1.0)
    io-console (0.7.2)
    irb (1.13.0)
      rdoc (>= 4.0.0)
      reline (>= 0.4.2)
    psych (5.1.2)
      stringio
    rdoc (6.6.3.1)
      psych (>= 4.0.0)
    reline (0.5.5)
      io-console (~> 0.5)
    stringio (3.1.0)

PLATFORMS
  x86_64-linux

DEPENDENCIES
  awesome_print
  debug
  faker

BUNDLED WITH
   2.2.33
